GEM
  remote: https://rubygems.org/
  specs:
    gems (1.2.0)

PLATFORMS
  x64-mingw-ucrt

DEPENDENCIES
  gems

BUNDLED WITH
   2.3.10
